PATH
  remote: .
  specs:
    stratosphere (0.1.0)

GEM
  remote: https://rubygems.org/
  specs:
    minitest (5.9.1)
    rake (10.5.0)

PLATFORMS
  ruby

DEPENDENCIES
  bundler (~> 1.13)
  minitest (~> 5.0)
  rake (~> 10.0)
  stratosphere!

BUNDLED WITH
   1.13.2
